GEM
  remote: http://rubygems.org/
  specs:
    diff-lcs (1.1.3)
    dogapi (1.0.3)
      json (>= 1.5.1)
    git (1.2.5)
    jeweler (1.6.4)
      bundler (~> 1.0)
      git (>= 1.2.5)
      rake
    json (1.6.1)
    rake (0.9.2)
    rcov (0.9.10)
    rspec (2.3.0)
      rspec-core (~> 2.3.0)
      rspec-expectations (~> 2.3.0)
      rspec-mocks (~> 2.3.0)
    rspec-core (2.3.1)
    rspec-expectations (2.3.0)
      diff-lcs (~> 1.1.2)
    rspec-mocks (2.3.0)
    yard (0.6.8)

PLATFORMS
  ruby

DEPENDENCIES
  bundler (~> 1.0.0)
  dogapi (>= 1.0.3)
  jeweler (~> 1.6.4)
  rcov
  rspec (~> 2.3.0)
  yard (~> 0.6.0)
